PATH
  remote: ../gem
  specs:
    hash_key_transformer (0.1.3)

GEM
  remote: https://rubygems.org/
  specs:
    minitest (5.11.3)
    rake (12.3.1)

PLATFORMS
  ruby

DEPENDENCIES
  hash_key_transformer!
  minitest
  rake

BUNDLED WITH
   1.16.1
