PATH
  remote: .
  specs:
    hash_key_transformer (0.1.2)

GEM
  remote: https://rubygems.org/
  specs:
    rake (12.3.1)

PLATFORMS
  ruby

DEPENDENCIES
  bundler (~> 1.16)
  hash_key_transformer!
  rake (~> 12.3)

BUNDLED WITH
   1.16.1
